GEM
  remote: https://rubygems.org/
  specs:
    pp (0.1.1)

PLATFORMS
  ruby

DEPENDENCIES
  pp

BUNDLED WITH
   2.0.1
